GEM
  remote: https://rubygems.org/
  specs:
    rouge (2.0.7)
    xcpretty (0.3.0)
      rouge (~> 2.0.7)

PLATFORMS
  arm64-darwin-21

DEPENDENCIES
  xcpretty

RUBY VERSION
   ruby 2.7.5p203

BUNDLED WITH
   2.4.7
